PATH
  remote: .
  specs:
    yayaml (0.1.0)
      psych (~> 4.0.5)

GEM
  remote: https://rubygems.org/
  specs:
    diff-lcs (1.5.0)
    psych (4.0.6)
      stringio
    rake (13.1.0)
    rspec (3.12.0)
      rspec-core (~> 3.12.0)
      rspec-expectations (~> 3.12.0)
      rspec-mocks (~> 3.12.0)
    rspec-core (3.12.2)
      rspec-support (~> 3.12.0)
    rspec-expectations (3.12.3)
      diff-lcs (>= 1.2.0, < 2.0)
      rspec-support (~> 3.12.0)
    rspec-mocks (3.12.6)
      diff-lcs (>= 1.2.0, < 2.0)
      rspec-support (~> 3.12.0)
    rspec-support (3.12.1)
    stringio (3.1.0)

PLATFORMS
  x86_64-darwin-22

DEPENDENCIES
  rake (~> 13.0)
  rspec (~> 3.0)
  yayaml!

BUNDLED WITH
   2.4.19
